GEM
  remote: https://rubygems.org/
  specs:
    httparty (0.11.0)
      multi_json (~> 1.0)
      multi_xml (>= 0.5.2)
    multi_json (1.9.2)
    multi_xml (0.5.5)
    rake (10.3.2)

PLATFORMS
  ruby

DEPENDENCIES
  httparty
  rake
